PATH
  remote: .
  specs:
    rake-multilogs (0.3.0)
      rake (>= 12.1, < 14.0)

GEM
  remote: https://rubygems.org/
  specs:
    ast (2.4.0)
    coderay (1.1.2)
    jaro_winkler (1.5.4)
    method_source (0.9.2)
    mini_portile2 (2.8.1)
    minitest (5.14.0)
    nokogiri (1.14.2)
      mini_portile2 (~> 2.8.0)
      racc (~> 1.4)
    parallel (1.19.1)
    parser (2.7.0.4)
      ast (~> 2.4.0)
    pry (0.12.2)
      coderay (~> 1.1.0)
      method_source (~> 0.9.0)
    racc (1.6.2)
    rainbow (3.0.0)
    rake (13.0.1)
    rexml (3.2.5)
    rubocop (0.80.1)
      jaro_winkler (~> 1.5.1)
      parallel (~> 1.10)
      parser (>= 2.7.0.1)
      rainbow (>= 2.2.2, < 4.0)
      rexml
      ruby-progressbar (~> 1.7)
      unicode-display_width (>= 1.4.0, < 1.7)
    ruby-progressbar (1.10.1)
    unicode-display_width (1.6.1)
    yard (0.9.24)
    yard-relative_markdown_links (0.2.0)
      nokogiri (~> 1.8)

PLATFORMS
  ruby

DEPENDENCIES
  bundler (~> 2.1)
  minitest (~> 5.11)
  pry (~> 0.11)
  rake-multilogs!
  rubocop (~> 0.80.1)
  yard (~> 0.9)
  yard-relative_markdown_links (~> 0.2)

BUNDLED WITH
   2.1.4
