PATH
  remote: .
  specs:
    rake-multilogs (0.2.0)
      rake (~> 12.1)

GEM
  remote: https://rubygems.org/
  specs:
    ast (2.4.0)
    coderay (1.1.2)
    diff-lcs (1.3)
    jaro_winkler (1.5.3)
    method_source (0.9.2)
    mini_portile2 (2.3.0)
    minitest (5.11.3)
    nokogiri (1.8.5)
      mini_portile2 (~> 2.3.0)
    parallel (1.17.0)
    parser (2.6.3.0)
      ast (~> 2.4.0)
    pry (0.12.2)
      coderay (~> 1.1.0)
      method_source (~> 0.9.0)
    rainbow (3.0.0)
    rake (12.3.3)
    rubocop (0.74.0)
      jaro_winkler (~> 1.5.1)
      parallel (~> 1.10)
      parser (>= 2.6)
      rainbow (>= 2.2.2, < 4.0)
      ruby-progressbar (~> 1.7)
      unicode-display_width (>= 1.4.0, < 1.7)
    ruby-progressbar (1.10.1)
    unicode-display_width (1.6.0)
    yard (0.9.20)
    yard-relative_markdown_links (0.1.2)
      nokogiri (~> 1.8.1)

PLATFORMS
  ruby

DEPENDENCIES
  bundler (~> 1.17)
  diff-lcs (~> 1.3)
  minitest (~> 5.11)
  pry (~> 0.12)
  rake-multilogs!
  rubocop (~> 0.74.0)
  yard (~> 0.9)
  yard-relative_markdown_links (~> 0.1)

BUNDLED WITH
   1.17.2
